PATH
  remote: .
  specs:
    cronos_chain_scanner (0.1.7)
      faraday (~> 2.0)
      oj (~> 3.0)

GEM
  remote: https://rubygems.org/
  specs:
    faraday (2.2.0)
      faraday-net_http (~> 2.0)
      ruby2_keywords (>= 0.0.4)
    faraday-net_http (2.0.1)
    minitest (5.15.0)
    oj (3.13.11)
    rake (13.0.6)
    ruby2_keywords (0.0.5)

PLATFORMS
  x86_64-darwin-19

DEPENDENCIES
  bundler (~> 2.0)
  cronos_chain_scanner!
  minitest (~> 5.0)
  rake (~> 13.0)

BUNDLED WITH
   2.2.28
